GEM
  remote: https://rubygems.org/
  specs:
    debug (1.9.2)
      irb (~> 1.10)
      reline (>= 0.3.8)
    esa (2.1.0)
      faraday (>= 2.0.1, < 3.0)
      faraday-multipart
      faraday-xml
      mime-types (>= 2.6, < 4.0)
      multi_xml (>= 0.5.5, < 1.0)
    faraday (2.9.0)
      faraday-net_http (>= 2.0, < 3.2)
    faraday-multipart (1.0.4)
      multipart-post (~> 2)
    faraday-net_http (3.1.0)
      net-http
    faraday-xml (0.2.1)
      faraday (>= 1.10, < 3)
    front_matter_parser (1.0.1)
    io-console (0.7.2)
    irb (1.12.0)
      rdoc
      reline (>= 0.4.2)
    mime-types (3.5.2)
      mime-types-data (~> 3.2015)
    mime-types-data (3.2024.0305)
    mini_portile2 (2.8.6)
    multi_xml (0.6.0)
    multipart-post (2.4.0)
    net-http (0.4.1)
      uri
    nokogiri (1.16.4)
      mini_portile2 (~> 2.8.2)
      racc (~> 1.4)
    psych (5.1.2)
      stringio
    racc (1.7.3)
    rdoc (6.6.3.1)
      psych (>= 4.0.0)
    reline (0.5.1)
      io-console (~> 0.5)
    stringio (3.1.0)
    uri (0.13.0)

PLATFORMS
  ruby

DEPENDENCIES
  debug
  esa
  front_matter_parser
  nokogiri

BUNDLED WITH
   2.5.9
